GEM
  remote: https://rubygems.org/
  specs:
    chunky_png (1.3.3)
    daemons (1.2.2)
    eventmachine (1.0.3)
    rack (1.6.0)
    rack-protection (1.5.3)
      rack
    rqrcode (0.4.2)
    rqrcode_png (0.1.5)
      chunky_png
      rqrcode
    sinatra (1.4.5)
      rack (~> 1.4)
      rack-protection (~> 1.4)
      tilt (~> 1.3, >= 1.3.4)
    thin (1.6.3)
      daemons (~> 1.0, >= 1.0.9)
      eventmachine (~> 1.0)
      rack (~> 1.0)
    tilt (1.4.1)

PLATFORMS
  ruby

DEPENDENCIES
  rqrcode_png (= 0.1.5)
  sinatra (= 1.4.5)
  thin (= 1.6.3)
